PATH
  remote: .
  specs:
    minitest-doc_reporter (0.6.0)
      ansi
      minitest (~> 5.0)

GEM
  remote: https://rubygems.org/
  specs:
    ansi (1.4.3)
    coderay (1.0.9)
    method_source (0.8.2)
    minitest (5.0.8)
    pry (0.9.12.2)
      coderay (~> 1.0.5)
      method_source (~> 0.8)
      slop (~> 3.4)
    rake (10.1.0)
    slop (3.4.6)

PLATFORMS
  ruby

DEPENDENCIES
  bundler (~> 1.3)
  minitest-doc_reporter!
  pry
  rake
